PATH
  remote: .
  specs:
    rbczmq (1.3)

GEM
  remote: https://rubygems.org/
  specs:
    rake (10.0.4)
    rake-compiler (0.8.3)
      rake

PLATFORMS
  ruby

DEPENDENCIES
  rake
  rake-compiler (~> 0.8.0)
  rbczmq!
